GEM
  remote: https://rubygems.org/
  specs:
    iro (0.0.5)

PLATFORMS
  ruby

DEPENDENCIES
  iro

BUNDLED WITH
   1.16.1
